GEM
  remote: https://rubygems.org/
  specs:
    coderay (1.1.2)
    colorize (0.8.1)
    method_source (0.9.0)
    pry (0.11.2)
      coderay (~> 1.1.0)
      method_source (~> 0.9.0)

PLATFORMS
  ruby

DEPENDENCIES
  colorize (= 0.8.1)
  pry (= 0.11.2)

RUBY VERSION
   ruby 2.3.1p112

BUNDLED WITH
   1.16.0
